GEM
  remote: http://rubygems.org/
  specs:
    addressable (2.3.2)
    daemons (1.1.9)
    em-http-request (0.3.0)
      addressable (>= 2.0.0)
      escape_utils
      eventmachine (>= 0.12.9)
    em-redis (0.3.0)
      eventmachine
    escape_utils (0.2.4)
    eventmachine (1.0.0)
    innate (2012.12)
      rack (~> 1.4.1)
    net-http-persistent (2.8)
    rack (1.4.1)
    rake (10.0.3)
    ramaze (2012.12.08)
      innate (>= 2012.12)
      rake
    redis (3.0.2)
    rgeo (0.3.20)
    thin (1.5.0)
      daemons (>= 1.0.9)
      eventmachine (>= 0.12.6)
      rack (>= 1.0.0)

PLATFORMS
  ruby

DEPENDENCIES
  em-http-request
  em-redis
  net-http-persistent
  ramaze
  redis
  rgeo
  thin
