GEM
  remote: http://rubygems.org/
  specs:
    addressable (2.3.2)
    celluloid (0.12.3)
      facter (>= 1.6.12)
      timers (>= 1.0.0)
    celluloid-io (0.12.0)
      celluloid (~> 0.12.0)
      nio4r (>= 0.4.0)
    daemons (1.1.8)
    em-http-request (0.3.0)
      addressable (>= 2.0.0)
      escape_utils
      eventmachine (>= 0.12.9)
    escape_utils (0.2.4)
    eventmachine (0.12.10)
    facter (1.6.14)
    innate (2012.03)
      rack (~> 1.4.1)
    nio4r (0.4.3)
    rack (1.4.1)
    ramaze (2012.04.14)
      innate (>= 2012.03)
    rgeo (0.3.19)
    thin (1.4.1)
      daemons (>= 1.0.9)
      eventmachine (>= 0.12.6)
      rack (>= 1.0.0)
    timers (1.0.1)

PLATFORMS
  ruby

DEPENDENCIES
  celluloid-io
  em-http-request
  ramaze
  rgeo
  thin
