GEM
  remote: http://rubygems.org/
  specs:
    daemons (1.1.8)
    eventmachine (0.12.10)
    innate (2012.03)
      rack (~> 1.4.1)
    rack (1.4.1)
    ramaze (2012.04.14)
      innate (>= 2012.03)
    rgeo (0.3.19)
    sqlite3 (1.3.6)
    thin (1.4.1)
      daemons (>= 1.0.9)
      eventmachine (>= 0.12.6)
      rack (>= 1.0.0)

PLATFORMS
  ruby

DEPENDENCIES
  ramaze
  rgeo
  sqlite3
  thin
