GEM
  remote: http://rubygems.org/
  specs:
    innate (2012.03)
      rack (~> 1.4.1)
    rack (1.4.1)
    ramaze (2012.04.14)
      innate (>= 2012.03)

PLATFORMS
  ruby

DEPENDENCIES
  ramaze
