GEM
  remote: http://rubygems.org/
  specs:
    daemons (1.1.9)
    eventmachine (1.0.0)
    innate (2012.12)
      rack (~> 1.4.1)
    net-http-persistent (2.8)
    rack (1.4.1)
    rake (10.0.3)
    ramaze (2012.12.08)
      innate (>= 2012.12)
      rake
    redis (3.0.2)
    rgeo (0.3.20)
    thin (1.5.0)
      daemons (>= 1.0.9)
      eventmachine (>= 0.12.6)
      rack (>= 1.0.0)

PLATFORMS
  ruby

DEPENDENCIES
  net-http-persistent
  ramaze
  redis
  rgeo
  thin
