GEM
  remote: http://rubygems.org/
  specs:
    celluloid (0.12.3)
      facter (>= 1.6.12)
      timers (>= 1.0.0)
    celluloid-io (0.12.0)
      celluloid (~> 0.12.0)
      nio4r (>= 0.4.0)
    daemons (1.1.8)
    eventmachine (0.12.10)
    facter (1.6.14)
    innate (2012.03)
      rack (~> 1.4.1)
    nio4r (0.4.3)
    rack (1.4.1)
    ramaze (2012.04.14)
      innate (>= 2012.03)
    rgeo (0.3.19)
    sqlite3 (1.3.6)
    thin (1.4.1)
      daemons (>= 1.0.9)
      eventmachine (>= 0.12.6)
      rack (>= 1.0.0)
    timers (1.0.1)

PLATFORMS
  ruby

DEPENDENCIES
  celluloid
  celluloid-io
  ramaze
  rgeo
  sqlite3
  thin
