GEM
  remote: http://rubygems.org/
  specs:
    addressable (2.3.2)
    daemons (1.1.8)
    em-http-request (0.3.0)
      addressable (>= 2.0.0)
      escape_utils
      eventmachine (>= 0.12.9)
    escape_utils (0.2.4)
    eventmachine (0.12.10)
    foreman (0.60.2)
      thor (>= 0.13.6)
    innate (2012.03)
      rack (~> 1.4.1)
    rack (1.4.1)
    ramaze (2012.04.14)
      innate (>= 2012.03)
    thin (1.4.1)
      daemons (>= 1.0.9)
      eventmachine (>= 0.12.6)
      rack (>= 1.0.0)
    thor (0.16.0)

PLATFORMS
  ruby

DEPENDENCIES
  em-http-request
  foreman
  ramaze
  thin
